GEM
remote: https://rubygems.org/
specs:
  actioncable (6.1.4)
  actionmailbox (6.1.4)
  actionmailer (6.1.4)
  actionpack (6.1.4)
  actiontext (6.1.4)
  actionview (6.1.4)
  activejob (6.1.4)
  activemodel (6.1.4)
  activerecord (6.1.4)
  activestorage (6.1.4)
  activesupport (6.1.4)
  bson (4.12.0)
  bson_ext (1.0.0)
  capybara (3.36.0)
  database_cleaner (2.0.1)
  elasticsearch (7.10.1)
  elasticsearch-api (7.10.1)
  elasticsearch-transport (7.10.1)
  factory_bot (6.2.0)
  factory_bot_rails (6.2.0)
  haml (5.2.2)
  jbuilder (2.11.2)
  jquery-rails (4.4.0)
  mongoid (7.3.0)
  redis (4.6.0)
  rspec (3.10.0)
  rspec-rails (5.0.0)
  rubocop (1.22.1)
  sassc (2.4.0)
  webpacker (5.4.3)

PLATFORMS
  ruby

DEPENDENCIES
  capybara
  factory_bot_rails
  haml
  jquery-rails
  mongoid
  redis
  rspec-rails
  sassc
  webpacker

BUNDLED WITH
   2.2.22